GEM
  remote: https://rubygems.org/
  specs:
    colored2 (3.1.2)
    concurrent-ruby (1.1.10)
    cri (2.15.11)
    deep_merge (1.2.2)
    erubi (1.12.0)
    facter (4.4.3)
      hocon (~> 1.3)
      sys-filesystem (~> 1.3)
      thor (>= 1.0.1, < 2.0)
    faraday (1.10.3)
      faraday-em_http (~> 1.0)
      faraday-em_synchrony (~> 1.0)
      faraday-excon (~> 1.1)
      faraday-httpclient (~> 1.0)
      faraday-multipart (~> 1.0)
      faraday-net_http (~> 1.0)
      faraday-net_http_persistent (~> 1.0)
      faraday-patron (~> 1.0)
      faraday-rack (~> 1.0)
      faraday-retry (~> 1.0)
      ruby2_keywords (>= 0.0.4)
    faraday-em_http (1.0.0)
    faraday-em_synchrony (1.0.0)
    faraday-excon (1.1.0)
    faraday-httpclient (1.0.1)
    faraday-multipart (1.0.4)
      multipart-post (~> 2)
    faraday-net_http (1.0.1)
    faraday-net_http_persistent (1.2.0)
    faraday-patron (1.0.0)
    faraday-rack (1.0.0)
    faraday-retry (1.0.3)
    faraday_middleware (1.2.0)
      faraday (~> 1.0)
    fast_gettext (2.3.0)
    ffi (1.15.5)
    forwardable (1.3.3)
    gettext (3.4.7)
      erubi
      locale (>= 2.0.5)
      prime
      racc
      text (>= 1.3.0)
    gettext-setup (1.1.0)
      fast_gettext (~> 2.1)
      gettext (~> 3.4)
      locale
    hiera (3.12.0)
    hocon (1.4.0)
    jwt (2.2.3)
    locale (2.1.3)
    log4r (1.1.10)
    minitar (0.9)
    multi_json (1.15.0)
    multipart-post (2.3.0)
    prime (0.1.2)
      forwardable
      singleton
    puppet (7.24.0)
      concurrent-ruby (~> 1.0, < 1.2.0)
      deep_merge (~> 1.0)
      facter (> 2.0.1, < 5)
      fast_gettext (>= 1.1, < 3)
      hiera (>= 3.2.1, < 4)
      locale (~> 2.1)
      multi_json (~> 1.10)
      puppet-resource_api (~> 1.5)
      scanf (~> 1.0)
      semantic_puppet (~> 1.0)
    puppet-lint (4.0.1)
    puppet-lint-absolute_classname-check (4.0.0)
      puppet-lint (>= 3.0, < 5)
    puppet-lint-anchor-check (2.0.0)
      puppet-lint (>= 3, < 5)
    puppet-lint-file_ensure-check (2.0.0)
      puppet-lint (>= 3, < 5)
    puppet-lint-leading_zero-check (2.0.0)
      puppet-lint (>= 3, < 5)
    puppet-lint-lookup_in_parameter-check (2.0.0)
      puppet-lint (>= 3, < 5)
    puppet-lint-manifest_whitespace-check (0.3.0)
      puppet-lint (>= 1.0, < 5)
    puppet-lint-optional_default-check (2.0.0)
      puppet-lint (>= 3, < 5)
    puppet-lint-param-docs (2.0.0)
      puppet-lint (>= 3, < 5)
    puppet-lint-param-types (2.0.0)
      puppet-lint (>= 3, < 5)
    puppet-lint-params_empty_string-check (2.0.0)
      puppet-lint (>= 3, < 5)
    puppet-lint-resource_reference_syntax (2.0.0)
      puppet-lint (>= 3, < 5)
    puppet-lint-strict_indent-check (3.0.0)
      puppet-lint (>= 3, < 5)
    puppet-lint-topscope-variable-check (2.0.0)
      puppet-lint (>= 3, < 5)
    puppet-lint-trailing_comma-check (2.0.0)
      puppet-lint (>= 3, < 5)
    puppet-lint-unquoted_string-check (3.0.0)
      puppet-lint (>= 3, < 5)
    puppet-lint-variable_contains_upcase (2.0.0)
      puppet-lint (>= 3, < 5)
    puppet-lint-version_comparison-check (2.0.0)
      puppet-lint (>= 3, < 5)
    puppet-resource_api (1.9.0)
      hocon (>= 1.0)
    puppet-syntax (3.3.0)
      puppet (>= 5)
      rake
    puppet_forge (3.2.0)
      faraday (~> 1.3)
      faraday_middleware (~> 1.0)
      minitar
      semantic_puppet (~> 1.0)
    r10k (3.15.4)
      colored2 (= 3.1.2)
      cri (>= 2.15.10)
      fast_gettext (>= 1.1.0, < 3.0.0)
      gettext (>= 3.0.2, < 4.0.0)
      gettext-setup (>= 0.24, < 2.0.0)
      jwt (~> 2.2.3)
      log4r (= 1.1.10)
      minitar (~> 0.9)
      multi_json (~> 1.10)
      puppet_forge (>= 2.3.0, < 4.0.0)
    racc (1.7.1)
    rake (13.0.6)
    ruby2_keywords (0.0.5)
    scanf (1.0.0)
    semantic_puppet (1.1.0)
    singleton (0.1.1)
    sys-filesystem (1.4.4)
      ffi (~> 1.1)
    text (1.3.1)
    thor (1.2.2)
    voxpupuli-puppet-lint-plugins (5.0.0)
      puppet-lint (~> 4.0)
      puppet-lint-absolute_classname-check (~> 4.0)
      puppet-lint-anchor-check (~> 2.0)
      puppet-lint-file_ensure-check (~> 2.0)
      puppet-lint-leading_zero-check (~> 2.0)
      puppet-lint-lookup_in_parameter-check (~> 2.0)
      puppet-lint-manifest_whitespace-check (~> 0.3, < 1.0.0)
      puppet-lint-optional_default-check (~> 2.0)
      puppet-lint-param-docs (~> 2.0)
      puppet-lint-param-types (~> 2.0)
      puppet-lint-params_empty_string-check (~> 2.0)
      puppet-lint-resource_reference_syntax (~> 2.0)
      puppet-lint-strict_indent-check (~> 3.0)
      puppet-lint-topscope-variable-check (~> 2.0)
      puppet-lint-trailing_comma-check (~> 2.0)
      puppet-lint-unquoted_string-check (~> 3.0)
      puppet-lint-variable_contains_upcase (~> 2.0)
      puppet-lint-version_comparison-check (~> 2.0)

PLATFORMS
  x86_64-linux

DEPENDENCIES
  puppet (~> 7.24.0)
  puppet-lint (~> 4.0.0)
  puppet-syntax (~> 3.3.0)
  r10k (~> 3.15.4)
  sys-filesystem (~> 1.4.3)
  voxpupuli-puppet-lint-plugins (~> 5.0.0)

BUNDLED WITH
   2.3.7
